PATH
  remote: .
  specs:
    rack-jive-signed_request (0.1.0)
      jive-signed_request
      rack (>= 1.1)

GEM
  remote: https://rubygems.org/
  specs:
    diff-lcs (1.2.5)
    jive-signed_request (0.1.1)
    json (1.8.3)
    mime-types (1.25.1)
    rack (1.6.4)
    rack-test (0.6.3)
      rack (>= 1.0)
    rake (10.4.2)
    rspec (3.4.0)
      rspec-core (~> 3.4.0)
      rspec-expectations (~> 3.4.0)
      rspec-mocks (~> 3.4.0)
    rspec-core (3.4.1)
      rspec-support (~> 3.4.0)
    rspec-expectations (3.4.0)
      diff-lcs (>= 1.2.0, < 2.0)
      rspec-support (~> 3.4.0)
    rspec-mocks (3.4.0)
      diff-lcs (>= 1.2.0, < 2.0)
      rspec-support (~> 3.4.0)
    rspec-support (3.4.1)

PLATFORMS
  ruby

DEPENDENCIES
  bundler (~> 1.10)
  json (>= 1.8.1)
  mime-types (~> 1.25)
  rack-jive-signed_request!
  rack-test
  rake (~> 10.0)
  rspec

BUNDLED WITH
   1.10.6
